GEM
  remote: http://rubygems.org/
  remote: https://systems.extension.org/rubygems/
  specs:
    actionmailer (2.3.18)
      actionpack (= 2.3.18)
    actionpack (2.3.18)
      activesupport (= 2.3.18)
      rack (~> 1.1.0)
    activerecord (2.3.18)
      activesupport (= 2.3.18)
    activeresource (2.3.18)
      activesupport (= 2.3.18)
    activesupport (2.3.18)
    airbrake (3.1.2)
      activesupport
      builder
    awesome_print (0.3.2)
    builder (2.1.2)
    capatross (1.5.2)
      capistrano (>= 2.11)
      grit (>= 2.4)
      mysql2 (~> 0.2)
      rest-client (>= 1.6.7)
      thor (>= 0.16.0)
    capistrano (2.15.5)
      highline
      net-scp (>= 1.0.0)
      net-sftp (>= 2.0.0)
      net-ssh (>= 2.0.14)
      net-ssh-gateway (>= 1.1.0)
    diff-lcs (1.2.4)
    fake_arel (0.9.7)
      activerecord (>= 2.3.5)
    fastercsv (1.5.4)
    fastimage (1.5.0)
    gdata_19 (1.1.5)
    geoip (1.0.0)
    geokit (1.5.0)
    grit (2.5.0)
      diff-lcs (~> 1.1)
      mime-types (~> 1.15)
      posix-spawn (~> 0.3.6)
    has_many_polymorphs (2.13)
      activerecord
    hashie (2.0.4)
    highline (1.6.19)
    hpricot (0.8.4)
    i18n (0.5.0)
    json (1.7.7)
    json_pure (1.5.1)
    libxml-ruby (2.3.3)
    lockfile (2.1.0)
    map_by_method (0.8.3)
    mime-types (1.23)
    mysql2 (0.2.20)
    net-http-spy (0.2.1)
    net-scp (1.1.1)
      net-ssh (>= 2.6.5)
    net-sftp (2.1.2)
      net-ssh (>= 2.6.5)
    net-ssh (2.6.7)
    net-ssh-gateway (1.2.0)
      net-ssh (>= 2.6.5)
    nokogiri (1.4.4)
    omniauth (1.1.4)
      hashie (>= 1.2, < 3)
      rack
    omniauth-openid (1.0.1)
      omniauth (~> 1.0)
      rack-openid (~> 1.3.1)
    paperclip (2.3.11)
      activerecord (>= 2.3.0)
      activesupport (>= 2.3.2)
    posix-spawn (0.3.6)
    powder (0.1.8)
      thor (>= 0.11.5)
    rack (1.1.6)
    rack-openid (1.3.1)
      rack (>= 1.1.0)
      ruby-openid (>= 2.1.8)
    rack-rewrite (1.0.2)
    rails (2.3.18)
      actionmailer (= 2.3.18)
      actionpack (= 2.3.18)
      activerecord (= 2.3.18)
      activeresource (= 2.3.18)
      activesupport (= 2.3.18)
      rake (>= 0.8.3)
    rake (10.0.3)
    ratom (0.6.7)
      libxml-ruby (>= 1.1.2)
    rdoc (3.12)
      json (~> 1.4)
    rest-client (1.6.7)
      mime-types (>= 1.16)
    rmagick (2.13.1)
    ruby-openid (2.2.3)
    scout_rails (1.0.7)
    thor (0.16.0)
    tzinfo (0.3.26)
    what_methods (1.0.1)
    will_paginate (2.3.16)
    wirble (0.1.3)

PLATFORMS
  ruby

DEPENDENCIES
  airbrake (= 3.1.2)
  awesome_print
  capatross
  capistrano
  fake_arel
  fastercsv
  fastimage
  gdata_19 (~> 1.1.5)
  geoip
  geokit
  has_many_polymorphs
  hpricot
  json_pure
  lockfile
  map_by_method
  mysql2 (~> 0.2.20)
  net-http-spy
  nokogiri
  omniauth (~> 1.0)
  omniauth-openid
  paperclip
  powder
  rack-rewrite
  rails (= 2.3.18)
  ratom
  rdoc
  rest-client
  rmagick
  ruby-openid
  scout_rails
  thor
  tzinfo
  what_methods
  will_paginate
  wirble
