GEM
  remote: http://rubygems.org/
  remote: https://systems.extension.org/rubygems/
  specs:
    actionmailer (2.3.18)
      actionpack (= 2.3.18)
    actionpack (2.3.18)
      activesupport (= 2.3.18)
      rack (~> 1.1.0)
    activerecord (2.3.18)
      activesupport (= 2.3.18)
    activeresource (2.3.18)
      activesupport (= 2.3.18)
    activesupport (2.3.18)
    addressable (2.3.5)
    airbrake (3.1.2)
      activesupport
      builder
    atomic (1.1.14)
    awesome_print (1.2.0)
    builder (3.2.2)
    capatross (1.5.2)
      capistrano (>= 2.11)
      grit (>= 2.4)
      mysql2 (~> 0.2)
      rest-client (>= 1.6.7)
      thor (>= 0.16.0)
    capistrano (2.15.5)
      highline
      net-scp (>= 1.0.0)
      net-sftp (>= 2.0.0)
      net-ssh (>= 2.0.14)
      net-ssh-gateway (>= 1.1.0)
    cocaine (0.4.2)
    diff-lcs (1.2.5)
    fake_arel (1.4.0)
      activerecord (~> 2.3.11)
    fastercsv (1.5.5)
    fastimage (1.5.4)
      addressable (~> 2.3, >= 2.3.5)
    geoip (1.3.3)
    geokit (1.7.1)
      multi_json (>= 1.3.2)
    grit (2.5.0)
      diff-lcs (~> 1.1)
      mime-types (~> 1.15)
      posix-spawn (~> 0.3.6)
    has_many_polymorphs (2.13)
      activerecord
    hashie (2.0.5)
    highline (1.6.20)
    hpricot (0.8.6)
    json (1.8.1)
    json_pure (1.8.1)
    libxml-ruby (2.6.0)
    lockfile (2.1.0)
    map_by_method (0.8.3)
    mime-types (1.25.1)
    multi_json (1.8.2)
    mysql2 (0.2.21)
    net-http-spy (0.2.1)
    net-scp (1.1.2)
      net-ssh (>= 2.6.5)
    net-sftp (2.1.2)
      net-ssh (>= 2.6.5)
    net-ssh (2.7.0)
    net-ssh-gateway (1.2.0)
      net-ssh (>= 2.6.5)
    nokogiri (1.5.10)
    omniauth (1.1.4)
      hashie (>= 1.2, < 3)
      rack
    omniauth-openid (1.0.1)
      omniauth (~> 1.0)
      rack-openid (~> 1.3.1)
    paperclip (2.8.0)
      activerecord (>= 2.3.0)
      activesupport (>= 2.3.2)
      cocaine (>= 0.0.2)
      mime-types
    posix-spawn (0.3.6)
    powder (0.2.0)
      thor (>= 0.11.5)
    rack (1.1.6)
    rack-openid (1.3.1)
      rack (>= 1.1.0)
      ruby-openid (>= 2.1.8)
    rack-rewrite (1.4.01)
    rails (2.3.18)
      actionmailer (= 2.3.18)
      actionpack (= 2.3.18)
      activerecord (= 2.3.18)
      activeresource (= 2.3.18)
      activesupport (= 2.3.18)
      rake (>= 0.8.3)
    rake (10.1.1)
    ratom (0.8.2)
      libxml-ruby (~> 2.6.0)
    rdoc (4.0.1)
      json (~> 1.4)
    rest-client (1.6.7)
      mime-types (>= 1.16)
    rmagick (2.13.2)
    ruby-openid (2.3.0)
    thor (0.18.1)
    thread_safe (0.1.3)
      atomic
    trollop (1.16.2)
    tzinfo (1.1.0)
      thread_safe (~> 0.1)
    what_methods (1.0.1)
    will_paginate (2.3.16)
    wirble (0.1.3)

PLATFORMS
  ruby

DEPENDENCIES
  airbrake (= 3.1.2)
  awesome_print
  capatross
  capistrano (~> 2.15.5)
  fake_arel
  fastercsv
  fastimage
  geoip
  geokit
  has_many_polymorphs
  hpricot
  json_pure
  lockfile
  map_by_method
  mysql2 (~> 0.2.20)
  net-http-spy
  nokogiri
  omniauth (~> 1.0)
  omniauth-openid
  paperclip
  powder
  rack-rewrite
  rails (= 2.3.18)
  ratom
  rdoc
  rest-client
  rmagick
  ruby-openid
  thor
  trollop (= 1.16.2)
  tzinfo
  what_methods
  will_paginate (~> 2.3.16)
  wirble
