GEM
  remote: http://rubygems.org/
  remote: http://systems.extension.org/rubygems/
  specs:
    SystemTimer (1.2.3)
    actionmailer (2.3.14)
      actionpack (= 2.3.14)
    actionpack (2.3.14)
      activesupport (= 2.3.14)
      rack (~> 1.1.0)
    activerecord (2.3.14)
      activesupport (= 2.3.14)
    activeresource (2.3.14)
      activesupport (= 2.3.14)
    activesupport (2.3.14)
    airbrake (3.0.5)
      activesupport
      builder
    awesome_print (0.3.2)
    builder (2.1.2)
    calendar_date_select (1.16.2)
    capatross (1.0.4)
      capistrano (>= 2.11)
      grit (>= 2.4)
      httparty (>= 0.8)
    capistrano (2.12.0)
      highline
      net-scp (>= 1.0.0)
      net-sftp (>= 2.0.0)
      net-ssh (>= 2.0.14)
      net-ssh-gateway (>= 1.1.0)
    daemon_controller (0.2.6)
    diff-lcs (1.1.3)
    fake_arel (0.9.7)
      activerecord (>= 2.3.5)
    fastercsv (1.5.4)
    fastthread (1.0.7)
    gdata (1.1.2)
    geoip (1.0.0)
    geokit (1.5.0)
    grit (2.5.0)
      diff-lcs (~> 1.1)
      mime-types (~> 1.15)
      posix-spawn (~> 0.3.6)
    gyoku (0.4.4)
      builder (>= 2.1.2)
    has_many_polymorphs (2.13)
      activerecord
    highline (1.6.13)
    hpricot (0.8.4)
    httparty (0.8.3)
      multi_json (~> 1.0)
      multi_xml
    httpi (0.9.4)
      pyu-ntlm-http (>= 0.1.3.1)
      rack
    i18n (0.5.0)
    imagesize (0.1.1)
    json_pure (1.5.1)
    libxml-ruby (2.3.3)
    lockfile (1.4.3)
    mail (2.2.15)
      activesupport (>= 2.3.6)
      i18n (>= 0.4.0)
      mime-types (~> 1.16)
      treetop (~> 1.4.8)
    map_by_method (0.8.3)
    mime-types (1.19)
    mofo (0.2.16)
      hpricot (>= 0.4.59)
    multi_json (1.3.6)
    multi_xml (0.5.1)
    mysql (2.8.1)
    net-scp (1.0.4)
      net-ssh (>= 1.99.1)
    net-sftp (2.0.5)
      net-ssh (>= 2.0.9)
    net-ssh (2.5.2)
    net-ssh-gateway (1.1.0)
      net-ssh (>= 1.99.1)
    nokogiri (1.4.4)
    nori (0.2.3)
    paperclip (2.3.11)
      activerecord (>= 2.3.0)
      activesupport (>= 2.3.2)
    passenger (3.0.11)
      daemon_controller (>= 0.2.5)
      fastthread (>= 1.0.1)
      rack
      rake (>= 0.8.1)
    polyglot (0.3.1)
    posix-spawn (0.3.6)
    powder (0.1.8)
      thor (>= 0.11.5)
    pyu-ntlm-http (0.1.3.1)
    rack (1.1.2)
    rack-rewrite (1.0.2)
    rails (2.3.14)
      actionmailer (= 2.3.14)
      actionpack (= 2.3.14)
      activerecord (= 2.3.14)
      activeresource (= 2.3.14)
      activesupport (= 2.3.14)
      rake (>= 0.8.3)
    rails-footnotes (3.6.7)
    rake (0.9.2.2)
    ratom (0.6.7)
      libxml-ruby (>= 1.1.2)
    rest-client (1.6.1)
      mime-types (>= 1.16)
    rmagick (2.13.1)
    ruby-openid (2.1.8)
    savon (0.9.2)
      builder (>= 2.1.2)
      gyoku (>= 0.4.0)
      httpi (>= 0.7.8)
      nokogiri (>= 1.4.0)
      nori (>= 0.2.0)
    thor (0.14.6)
    treetop (1.4.9)
      polyglot (>= 0.3.1)
    tzinfo (0.3.26)
    what_methods (1.0.1)
    will_paginate (2.3.15)
    wirble (0.1.3)

PLATFORMS
  ruby

DEPENDENCIES
  SystemTimer
  airbrake
  awesome_print
  calendar_date_select
  capatross
  capistrano
  fake_arel
  fastercsv
  gdata
  geoip
  geokit
  has_many_polymorphs
  hpricot
  imagesize
  json_pure
  lockfile
  mail
  map_by_method
  mofo
  mysql
  nokogiri
  paperclip
  passenger
  powder
  rack-rewrite
  rails (= 2.3.14)
  rails-footnotes
  ratom
  rest-client
  rmagick
  ruby-openid
  savon
  thor
  tzinfo
  what_methods
  will_paginate
  wirble
